PATH
  remote: .
  specs:
    siege (0.0.0)
      qonfig (~> 0.24)
      smart_container (~> 0.6)

GEM
  remote: https://rubygems.org/
  specs:
    armitage-rubocop (0.80.1)
      rubocop (= 0.80.1)
      rubocop-performance (= 1.5.2)
      rubocop-rails (= 2.4.2)
      rubocop-rake (= 0.5.1)
      rubocop-rspec (= 1.38.1)
    ast (2.4.0)
    coderay (1.1.2)
    diff-lcs (1.3)
    docile (1.3.2)
    jaro_winkler (1.5.4)
    method_source (1.0.0)
    parallel (1.19.1)
    parser (2.7.0.5)
      ast (~> 2.4.0)
    pry (0.13.0)
      coderay (~> 1.1)
      method_source (~> 1.0)
    qonfig (0.24.1)
    rack (2.2.2)
    rainbow (3.0.0)
    rake (13.0.1)
    rexml (3.2.4)
    rspec (3.9.0)
      rspec-core (~> 3.9.0)
      rspec-expectations (~> 3.9.0)
      rspec-mocks (~> 3.9.0)
    rspec-core (3.9.1)
      rspec-support (~> 3.9.1)
    rspec-expectations (3.9.1)
      diff-lcs (>= 1.2.0, < 2.0)
      rspec-support (~> 3.9.0)
    rspec-mocks (3.9.1)
      diff-lcs (>= 1.2.0, < 2.0)
      rspec-support (~> 3.9.0)
    rspec-support (3.9.2)
    rubocop (0.80.1)
      jaro_winkler (~> 1.5.1)
      parallel (~> 1.10)
      parser (>= 2.7.0.1)
      rainbow (>= 2.2.2, < 4.0)
      rexml
      ruby-progressbar (~> 1.7)
      unicode-display_width (>= 1.4.0, < 1.7)
    rubocop-performance (1.5.2)
      rubocop (>= 0.71.0)
    rubocop-rails (2.4.2)
      rack (>= 1.1)
      rubocop (>= 0.72.0)
    rubocop-rake (0.5.1)
      rubocop
    rubocop-rspec (1.38.1)
      rubocop (>= 0.68.1)
    ruby-progressbar (1.10.1)
    simplecov (0.18.5)
      docile (~> 1.1)
      simplecov-html (~> 0.11)
    simplecov-html (0.12.2)
    smart_container (0.6.0)
      smart_engine (~> 0.2)
    smart_engine (0.5.0)
    unicode-display_width (1.6.1)

PLATFORMS
  ruby

DEPENDENCIES
  armitage-rubocop (~> 0.80)
  bundler (~> 2.1)
  pry (~> 0.12)
  rake (~> 13.0)
  rspec (~> 3.9)
  siege!
  simplecov (~> 0.18)

BUNDLED WITH
   2.1.2
